PATH
  remote: .
  specs:
    trange_frange (0.1.2)

GEM
  remote: http://rubygems.org/
  specs:
    diff-lcs (1.2.5)
    json (1.8.1)
    rake (10.1.0)
    rdoc (3.12.2)
      json (~> 1.4)
    rspec (2.14.1)
      rspec-core (~> 2.14.0)
      rspec-expectations (~> 2.14.0)
      rspec-mocks (~> 2.14.0)
    rspec-core (2.14.7)
    rspec-expectations (2.14.4)
      diff-lcs (>= 1.1.3, < 2.0)
    rspec-mocks (2.14.4)
    rubygems-tasks (0.2.4)

PLATFORMS
  ruby

DEPENDENCIES
  rake
  rdoc (~> 3.0)
  rspec (~> 2.4)
  rubygems-tasks (~> 0.2)
  trange_frange!
