PATH
  remote: .
  specs:
    trange_frange (0.1.4)

GEM
  remote: http://rubygems.org/
  specs:
    diff-lcs (1.2.5)
    json (1.8.1)
    rake (10.4.0)
    rdoc (4.1.2)
      json (~> 1.4)
    rspec (3.1.0)
      rspec-core (~> 3.1.0)
      rspec-expectations (~> 3.1.0)
      rspec-mocks (~> 3.1.0)
    rspec-core (3.1.7)
      rspec-support (~> 3.1.0)
    rspec-expectations (3.1.2)
      diff-lcs (>= 1.2.0, < 2.0)
      rspec-support (~> 3.1.0)
    rspec-mocks (3.1.3)
      rspec-support (~> 3.1.0)
    rspec-support (3.1.2)
    rubygems-tasks (0.2.4)

PLATFORMS
  ruby

DEPENDENCIES
  rake
  rdoc (~> 4.1.2)
  rspec (~> 3.1.0)
  rubygems-tasks (~> 0.2)
  trange_frange!
